GEM
  remote: https://rubygems.org/
  specs:
    moby (1.2.0)

PLATFORMS
  ruby

DEPENDENCIES
  moby
